GEM
  remote: http://rubygems.org/
  specs:
    builder (3.0.0)
    gyoku (0.4.4)
      builder (>= 2.1.2)
    httpi (0.9.5)
      rack
    nokogiri (1.5.0)
    nori (1.0.1)
    rack (1.3.0)
    ruby-growl (3.0)
    savon (0.9.3)
      builder (>= 2.1.2)
      gyoku (>= 0.4.0)
      httpi (~> 0.9)
      nokogiri (>= 1.4.0)
      nori (~> 1.0)

PLATFORMS
  ruby

DEPENDENCIES
  ruby-growl
  savon
